GEM
  remote: http://rubygems.org/
  specs:
    command-line-utils (0.0.2)
    configuration (1.2.0)
    git (1.2.5)
    highline (1.6.1)
    jeweler (1.5.2)
      bundler (~> 1.0.0)
      git (>= 1.2.5)
      rake
    keystorage (0.4.3)
    launchy (0.3.7)
      configuration (>= 0.0.5)
      rake (>= 0.8.1)
    mime-types (1.16)
    rake (0.8.7)
    rcov (0.9.9)
    rest-client (1.6.1)
      mime-types (>= 1.16)
    shoulda (2.11.3)

PLATFORMS
  ruby

DEPENDENCIES
  bundler (~> 1.0.0)
  command-line-utils (>= 0.0.1)
  highline (> 1.6)
  jeweler (~> 1.5.2)
  keystorage (> 0.1)
  launchy
  rcov
  rest-client
  shoulda
